GEM
  remote: https://rubygems.org/
  remote: https://rails-assets.org/
  specs:
    actioncable (5.0.0.1)
      actionpack (= 5.0.0.1)
      nio4r (~> 1.2)
      websocket-driver (~> 0.6.1)
    actionmailer (5.0.0.1)
      actionpack (= 5.0.0.1)
      actionview (= 5.0.0.1)
      activejob (= 5.0.0.1)
      mail (~> 2.5, >= 2.5.4)
      rails-dom-testing (~> 2.0)
    actionpack (5.0.0.1)
      actionview (= 5.0.0.1)
      activesupport (= 5.0.0.1)
      rack (~> 2.0)
      rack-test (~> 0.6.3)
      rails-dom-testing (~> 2.0)
      rails-html-sanitizer (~> 1.0, >= 1.0.2)
    actionview (5.0.0.1)
      activesupport (= 5.0.0.1)
      builder (~> 3.1)
      erubis (~> 2.7.0)
      rails-dom-testing (~> 2.0)
      rails-html-sanitizer (~> 1.0, >= 1.0.2)
    activejob (5.0.0.1)
      activesupport (= 5.0.0.1)
      globalid (>= 0.3.6)
    activemodel (5.0.0.1)
      activesupport (= 5.0.0.1)
    activerecord (5.0.0.1)
      activemodel (= 5.0.0.1)
      activesupport (= 5.0.0.1)
      arel (~> 7.0)
    activesupport (5.0.0.1)
      concurrent-ruby (~> 1.0, >= 1.0.2)
      i18n (~> 0.7)
      minitest (~> 5.1)
      tzinfo (~> 1.1)
    activevalidators (4.0.1)
      activemodel (>= 3.0)
      countries (~> 1.2)
      credit_card_validations (~> 3.2)
      date_validator
      mail
      phony (~> 2.0)
      rake
    addressable (2.5.0)
      public_suffix (~> 2.0, >= 2.0.2)
    airbrake (5.7.1)
      airbrake-ruby (~> 1.7)
    airbrake-ruby (1.8.0)
    ancestry (2.2.2)
      activerecord (>= 3.0.0)
    arel (7.1.4)
    autoprefixer-rails (6.7.2)
      execjs
    awesome_print (1.7.0)
    aws-sdk-core (2.9.7)
      aws-sigv4 (~> 1.0)
      jmespath (~> 1.0)
    aws-sdk-rails (1.0.1)
      aws-sdk-resources (~> 2)
      railties (>= 3)
    aws-sdk-resources (2.9.7)
      aws-sdk-core (= 2.9.7)
    aws-sigv4 (1.0.0)
    bcrypt (3.1.11)
    bootstrap (4.0.0.alpha6)
      autoprefixer-rails (>= 6.0.3)
      sass (>= 3.4.19)
    bootstrap-datepicker-rails (1.6.4.1)
      railties (>= 3.0)
    builder (3.2.2)
    byebug (9.0.6)
    capybara (2.11.0)
      addressable
      mime-types (>= 1.16)
      nokogiri (>= 1.3.3)
      rack (>= 1.0.0)
      rack-test (>= 0.5.4)
      xpath (~> 2.0)
    capybara-screenshot (1.0.14)
      capybara (>= 1.0, < 3)
      launchy
    capybara-webkit (1.1.0)
      capybara (~> 2.0, >= 2.0.2)
      json
    childprocess (0.5.9)
      ffi (~> 1.0, >= 1.0.11)
    cocoon (1.2.10)
    coderay (1.1.1)
    coffee-rails (4.2.1)
      coffee-script (>= 2.2.0)
      railties (>= 4.0.0, < 5.2.x)
    coffee-script (2.4.1)
      coffee-script-source
      execjs
    coffee-script-source (1.11.1)
    concurrent-ruby (1.0.2)
    connection_pool (2.2.1)
    countries (1.2.5)
      currencies (~> 0.4.2)
      i18n_data (~> 0.7.0)
    crack (0.4.3)
      safe_yaml (~> 1.0.0)
    credit_card_validations (3.4.0)
      activemodel (>= 3, <= 6)
      activesupport (>= 3, <= 6)
    currencies (0.4.2)
    database_cleaner (1.5.3)
    date_validator (0.9.0)
      activemodel
      activesupport
    debug_inspector (0.0.2)
    devise (4.2.0)
      bcrypt (~> 3.0)
      orm_adapter (~> 0.1)
      railties (>= 4.1.0, < 5.1)
      responders
      warden (~> 1.2.3)
    devise_security_extension (0.9.2)
      devise (>= 2.0.0)
      rails (>= 3.1.1)
    diff-lcs (1.2.5)
    docile (1.1.5)
    dotenv (2.1.1)
    dotenv-rails (2.1.1)
      dotenv (= 2.1.1)
      railties (>= 4.0, < 5.1)
    easy_captcha (0.6.5)
      bundler (>= 1.1.0)
      rails (>= 3.0.0)
      rmagick (>= 2.13.1)
      rspec-rails (>= 2.8.1)
      simplecov (>= 0.3.8)
      yard (>= 0.7.0)
    erubis (2.7.0)
    execjs (2.7.0)
    factory_girl (4.7.0)
      activesupport (>= 3.0.0)
    factory_girl_rails (4.7.0)
      factory_girl (~> 4.7.0)
      railties (>= 3.0.0)
    ffi (1.9.14)
    font-awesome-sass (4.7.0)
      sass (>= 3.2)
    globalid (0.3.7)
      activesupport (>= 4.1.0)
    hashdiff (0.3.2)
    i18n (0.7.0)
    i18n-js (3.0.0)
      i18n (~> 0.6, >= 0.6.6)
    i18n_data (0.7.0)
    iban-tools (1.1.0)
    jmespath (1.3.1)
    jquery-rails (4.2.1)
      rails-dom-testing (>= 1, < 3)
      railties (>= 4.2.0)
      thor (>= 0.14, < 2.0)
    json (2.0.2)
    jwt (1.5.6)
    kaminari (1.0.1)
      activesupport (>= 4.1.0)
      kaminari-actionview (= 1.0.1)
      kaminari-activerecord (= 1.0.1)
      kaminari-core (= 1.0.1)
    kaminari-actionview (1.0.1)
      actionview
      kaminari-core (= 1.0.1)
    kaminari-activerecord (1.0.1)
      activerecord
      kaminari-core (= 1.0.1)
    kaminari-core (1.0.1)
    launchy (2.4.3)
      addressable (~> 2.3)
    letter_opener (1.4.1)
      launchy (~> 2.2)
    listen (3.0.8)
      rb-fsevent (~> 0.9, >= 0.9.4)
      rb-inotify (~> 0.9, >= 0.9.7)
    loofah (2.0.3)
      nokogiri (>= 1.5.9)
    mail (2.6.4)
      mime-types (>= 1.16, < 4)
    method_source (0.8.2)
    mime-types (3.1)
      mime-types-data (~> 3.2015)
    mime-types-data (3.2016.0521)
    mini_portile2 (2.1.0)
    minitest (5.10.1)
    newrelic_rpm (3.18.1.330)
    nio4r (1.2.1)
    nokogiri (1.6.8.1)
      mini_portile2 (~> 2.1.0)
    orm_adapter (0.5.0)
    paper_trail (6.0.2)
      activerecord (>= 4.0, < 5.2)
      request_store (~> 1.1)
    pdf-core (0.7.0)
    pg (0.19.0)
    phony (2.15.41)
    prawn (2.2.2)
      pdf-core (~> 0.7.0)
      ttfunk (~> 1.5)
    pry (0.10.4)
      coderay (~> 1.1.0)
      method_source (~> 0.8.1)
      slop (~> 3.4)
    pry-byebug (3.4.2)
      byebug (~> 9.0)
      pry (~> 0.10)
    pry-rails (0.3.4)
      pry (>= 0.9.10)
    public_suffix (2.0.4)
    puma (3.6.2)
    rack (2.0.1)
    rack-attack (5.0.1)
      rack
    rack-protection (1.5.3)
      rack
    rack-test (0.6.3)
      rack (>= 1.0)
    rails (5.0.0.1)
      actioncable (= 5.0.0.1)
      actionmailer (= 5.0.0.1)
      actionpack (= 5.0.0.1)
      actionview (= 5.0.0.1)
      activejob (= 5.0.0.1)
      activemodel (= 5.0.0.1)
      activerecord (= 5.0.0.1)
      activesupport (= 5.0.0.1)
      bundler (>= 1.3.0, < 2.0)
      railties (= 5.0.0.1)
      sprockets-rails (>= 2.0.0)
    rails-assets-tether (1.4.0)
    rails-dom-testing (2.0.1)
      activesupport (>= 4.2.0, < 6.0)
      nokogiri (~> 1.6.0)
    rails-html-sanitizer (1.0.3)
      loofah (~> 2.0)
    rails_email_validator (0.1.4)
      activemodel (>= 3.0.0)
    railties (5.0.0.1)
      actionpack (= 5.0.0.1)
      activesupport (= 5.0.0.1)
      method_source
      rake (>= 0.8.7)
      thor (>= 0.18.1, < 2.0)
    rake (12.0.0)
    rb-fsevent (0.9.8)
    rb-inotify (0.9.7)
      ffi (>= 0.5.0)
    redis (3.3.2)
    redis-actionpack (5.0.1)
      actionpack (>= 4.0, < 6)
      redis-rack (>= 1, < 3)
      redis-store (>= 1.1.0, < 1.4.0)
    redis-activesupport (5.0.1)
      activesupport (>= 3, < 6)
      redis-store (~> 1.2.0)
    redis-namespace (1.5.2)
      redis (~> 3.0, >= 3.0.4)
    redis-rack (2.0.0)
      rack (~> 2.0)
      redis-store (~> 1.2.0)
    redis-rails (5.0.1)
      redis-actionpack (~> 5.0.0)
      redis-activesupport (~> 5.0.0)
      redis-store (~> 1.2.0)
    redis-store (1.2.0)
      redis (>= 2.2)
    request_store (1.3.2)
    responders (2.3.0)
      railties (>= 4.2.0, < 5.1)
    rmagick (2.16.0)
    rolify (5.1.0)
    rspec-core (3.5.4)
      rspec-support (~> 3.5.0)
    rspec-expectations (3.5.0)
      diff-lcs (>= 1.2.0, < 2.0)
      rspec-support (~> 3.5.0)
    rspec-mocks (3.5.0)
      diff-lcs (>= 1.2.0, < 2.0)
      rspec-support (~> 3.5.0)
    rspec-rails (3.5.2)
      actionpack (>= 3.0)
      activesupport (>= 3.0)
      railties (>= 3.0)
      rspec-core (~> 3.5.0)
      rspec-expectations (~> 3.5.0)
      rspec-mocks (~> 3.5.0)
      rspec-support (~> 3.5.0)
    rspec-support (3.5.0)
    rubyzip (1.2.0)
    safe_yaml (1.0.4)
    sass (3.4.22)
    sass-rails (5.0.6)
      railties (>= 4.0.0, < 6)
      sass (~> 3.1)
      sprockets (>= 2.8, < 4.0)
      sprockets-rails (>= 2.0, < 4.0)
      tilt (>= 1.1, < 3)
    select2-rails (4.0.3)
      thor (~> 0.14)
    selenium-webdriver (3.0.5)
      childprocess (~> 0.5)
      rubyzip (~> 1.0)
      websocket (~> 1.0)
    sidekiq (4.2.7)
      concurrent-ruby (~> 1.0)
      connection_pool (~> 2.2, >= 2.2.0)
      rack-protection (>= 1.5.0)
      redis (~> 3.2, >= 3.2.1)
    simple_form (3.3.1)
      actionpack (> 4, < 5.1)
      activemodel (> 4, < 5.1)
    simplecov (0.12.0)
      docile (~> 1.1.0)
      json (>= 1.8, < 3)
      simplecov-html (~> 0.10.0)
    simplecov-html (0.10.0)
    slop (3.6.0)
    spring (2.0.0)
      activesupport (>= 4.2)
    spring-watcher-listen (2.0.1)
      listen (>= 2.7, < 4.0)
      spring (>= 1.2, < 3.0)
    sprockets (3.7.0)
      concurrent-ruby (~> 1.0)
      rack (> 1, < 3)
    sprockets-rails (3.2.0)
      actionpack (>= 4.0)
      activesupport (>= 4.0)
      sprockets (>= 3.0.0)
    thor (0.19.4)
    thread_safe (0.3.5)
    tilt (2.0.5)
    ttfunk (1.5.1)
    tzinfo (1.2.2)
      thread_safe (~> 0.1)
    uglifier (3.0.4)
      execjs (>= 0.3.0, < 3)
    warden (1.2.6)
      rack (>= 1.0)
    web-console (3.4.0)
      actionview (>= 5.0)
      activemodel (>= 5.0)
      debug_inspector
      railties (>= 5.0)
    webmock (3.0.1)
      addressable (>= 2.3.6)
      crack (>= 0.3.2)
      hashdiff
    websocket (1.2.3)
    websocket-driver (0.6.4)
      websocket-extensions (>= 0.1.0)
    websocket-extensions (0.1.2)
    xpath (2.0.0)
      nokogiri (~> 1.3)
    yard (0.9.8)

PLATFORMS
  ruby

DEPENDENCIES
  activevalidators (~> 4.0.1)
  airbrake (~> 5.7.1)
  ancestry (~> 2.2.2)
  awesome_print (~> 1.7.0)
  aws-sdk-rails (~> 1.0.1)
  bootstrap (~> 4.0.0.alpha6)
  bootstrap-datepicker-rails (~> 1.6.4)
  byebug (~> 9.0.6)
  capybara (~> 2.11.0)
  capybara-screenshot (~> 1.0.14)
  capybara-webkit (~> 1.1.0)
  cocoon (~> 1.2.10)
  coffee-rails (~> 4.2.1)
  database_cleaner (~> 1.5.3)
  devise (~> 4.2.0)
  devise_security_extension (~> 0.9.2)
  dotenv-rails (~> 2.1.1)
  easy_captcha (~> 0.6.5)
  factory_girl_rails (~> 4.7.0)
  font-awesome-sass (~> 4.7.0)
  i18n-js (~> 3.0.0)
  iban-tools (~> 1.1.0)
  jquery-rails (~> 4.2.1)
  jwt (~> 1.5.6)
  kaminari (~> 1.0.1)
  letter_opener (~> 1.4.0)
  listen (~> 3.0.5)
  newrelic_rpm (~> 3.18.1)
  paper_trail (~> 6.0.2)
  pg (~> 0.19.0)
  prawn (~> 2.2.2)
  pry-byebug (~> 3.4.2)
  pry-rails (~> 0.3.4)
  puma (~> 3.6.2)
  rack-attack (~> 5.0.1)
  rails (~> 5.0.0, >= 5.0.0.1)
  rails-assets-tether (~> 1.4.0)!
  rails_email_validator (~> 0.1.4)
  redis (~> 3.3.2)
  redis-namespace (~> 1.5.2)
  redis-rails (~> 5.0.1)
  rmagick (~> 2.16.0)
  rolify (~> 5.1.0)
  rspec-rails (~> 3.5.2)
  sass-rails (~> 5.0.6)
  select2-rails (~> 4.0.3)
  selenium-webdriver (~> 3.0.5)
  sidekiq (~> 4.2.7)
  simple_form (~> 3.3.1)
  spring (~> 2.0.0)
  spring-watcher-listen (~> 2.0.1)
  tzinfo-data
  uglifier (~> 3.0.4)
  web-console (~> 3.4.0)
  webmock (~> 3.0.1)

RUBY VERSION
   ruby 2.3.1p112

BUNDLED WITH
   1.15.4
